GEM
  remote: https://rubygems.org/
  specs:
    albacore (0.2.6)
    mini_portile2 (2.5.0)
    nokogiri (1.11.0)
      mini_portile2 (~> 2.5.0)
      racc (~> 1.4)
    nokogiri (1.11.0-x64-mingw32)
      racc (~> 1.4)
    nokogiri (1.11.0-x86-mingw32)
      racc (~> 1.4)
    nokogiri (1.11.0-x86_64-darwin)
      racc (~> 1.4)
    racc (1.5.2)
    rubyzip (0.9.9)

PLATFORMS
  ruby
  x64-mingw32
  x86-mingw32
  x86_64-darwin-18

DEPENDENCIES
  albacore (= 0.2.6)
  nokogiri
  rubyzip (= 0.9.9)

BUNDLED WITH
   2.2.4
