GEM
  remote: https://rubygems.org/
  specs:
    albacore (0.2.6)
    mini_portile2 (2.4.0)
    nokogiri (1.10.10)
      mini_portile2 (~> 2.4.0)
    nokogiri (1.10.10-x64-mingw32)
      mini_portile2 (~> 2.4.0)
    nokogiri (1.10.10-x86-mingw32)
      mini_portile2 (~> 2.4.0)
    rubyzip (0.9.9)

PLATFORMS
  x64-mingw32
  x86-mingw32
  x86_64-darwin-18

DEPENDENCIES
  albacore (= 0.2.6)
  nokogiri
  rubyzip (= 0.9.9)

BUNDLED WITH
   2.2.4
